GIT
  remote: git://github.com/chriseppstein/compass
  revision: 7ff38d178cdfd167227dd7ed6bdbc028e9626a0e
  branch: master
  specs:
    compass (0.13.alpha.0.7ff38d1)
      chunky_png (~> 1.2)
      listen (~> 0.5.3)
      sass (~> 3.2.0.alpha.93)

GEM
  remote: http://rubygems.org/
  specs:
    animate (0.2.beta.0)
      compass (>= 0.13.alpha.0)
      sass (>= 3.2.0)
    breakpoint (1.3)
      compass (>= 0.12.1)
      sass (>= 3.2.0)
    chunky_png (1.2.6)
    listen (0.5.3)
    modular-scale (1.0.2)
      compass (>= 0.11.5)
      sassy-math (>= 1.2)
    rb-fsevent (0.9.2)
    sass (3.2.3)
    sassy-math (1.2)
      compass (~> 0.11)
    susy (1.0.5.alpha.0)
      compass (>= 0.12.2)
      sass (>= 3.2.0)

PLATFORMS
  ruby

DEPENDENCIES
  animate (~> 0.2.beta.0)
  breakpoint (~> 1.3)
  chunky_png (~> 1.2.5)
  compass!
  modular-scale (~> 1.0.2)
  rb-fsevent (~> 0.9.1)
  sass (~> 3.2.1)
  susy (~> 1.0.5.alpha.0)
